GEM
  remote: https://rubygems.org/
  specs:
    spellchecker (0.1.5)

PLATFORMS
  ruby

DEPENDENCIES
  spellchecker

BUNDLED WITH
   1.17.3
